GEM
  remote: http://rubygems.org/
  specs:
    midi-eye (0.2.2)
      midi-message
      midi-nibbler
      unimidi
    midi-jruby (0.0.12)
    midi-message (0.3.2)
    midi-nibbler (0.1.1)
      midi-message
    swt (0.13)
    unimidi (0.3.3-java)
      midi-jruby

PLATFORMS
  java

DEPENDENCIES
  midi-eye (~> 0.2.2)
  swt (~> 0.13)
  unimidi (~> 0.3.3)
